GEM
  remote: https://rubygems.org/
  specs:
    addressable (2.5.2)
      public_suffix (>= 2.0.2, < 4.0)
    ast (2.4.0)
    diff-lcs (1.3)
    facter (2.5.1)
    fast_gettext (1.1.2)
    gettext (3.2.9)
      locale (>= 2.0.5)
      text (>= 1.3.0)
    gettext-setup (0.30)
      fast_gettext (~> 1.1.0)
      gettext (>= 3.0.2)
      locale
    hiera (3.4.3)
    jaro_winkler (1.5.1)
    json-schema (2.8.0)
      addressable (>= 2.4)
    json_pure (1.8.6)
    locale (2.1.2)
    metaclass (0.0.4)
    metadata-json-lint (2.2.0)
      json-schema (~> 2.8)
      spdx-licenses (~> 1.0)
    mocha (1.7.0)
      metaclass (~> 0.0.1)
    parallel (1.12.1)
    parser (2.5.1.2)
      ast (~> 2.4.0)
    powerpack (0.1.2)
    public_suffix (3.0.3)
    puppet (4.9.4)
      facter (> 2.0, < 4)
      gettext-setup (>= 0.10, < 1)
      hiera (>= 2.0, < 4)
      json_pure (~> 1.8)
      locale (~> 2.1)
    puppet-lint (2.3.6)
    puppet-syntax (2.4.1)
      rake
    puppetlabs_spec_helper (2.9.1)
      mocha (~> 1.0)
      puppet-lint (~> 2.0)
      puppet-syntax (~> 2.0)
      rspec-puppet (~> 2.0)
    rainbow (3.0.0)
    rake (12.3.1)
    rspec (3.8.0)
      rspec-core (~> 3.8.0)
      rspec-expectations (~> 3.8.0)
      rspec-mocks (~> 3.8.0)
    rspec-core (3.8.0)
      rspec-support (~> 3.8.0)
    rspec-expectations (3.8.1)
      diff-lcs (>= 1.2.0, < 2.0)
      rspec-support (~> 3.8.0)
    rspec-mocks (3.8.0)
      diff-lcs (>= 1.2.0, < 2.0)
      rspec-support (~> 3.8.0)
    rspec-puppet (2.6.15)
      rspec
    rspec-support (3.8.0)
    rubocop (0.57.2)
      jaro_winkler (~> 1.5.1)
      parallel (~> 1.10)
      parser (>= 2.5)
      powerpack (~> 0.1)
      rainbow (>= 2.2.2, < 4.0)
      ruby-progressbar (~> 1.7)
      unicode-display_width (~> 1.0, >= 1.0.1)
    ruby-progressbar (1.10.0)
    spdx-licenses (1.2.0)
    text (1.3.1)
    unicode-display_width (1.4.0)

PLATFORMS
  ruby

DEPENDENCIES
  facter (>= 1.7.0)
  metadata-json-lint
  puppet (<= 4.9.4)
  puppet-lint (>= 1.0.0)
  puppetlabs_spec_helper (>= 1.0.0)
  rspec-puppet
  rubocop

BUNDLED WITH
   1.16.3
